GEM
  remote: http://rubygems.org/
  specs:
    addressable (2.2.8)
    daemons (1.1.8)
    eventmachine (0.12.10)
    excon (0.14.0)
    foreman (0.46.0)
      thor (>= 0.13.6)
    heroku (2.26.5)
      heroku-api (~> 0.2.4)
      launchy (>= 0.3.2)
      netrc (~> 0.7.2)
      rest-client (~> 1.6.1)
      rubyzip
    heroku-api (0.2.4)
      excon (~> 0.14.0)
    heroku_plus (4.3.0)
      heroku (~> 2.25)
      thor (~> 0.14)
      thor_plus (~> 0.4)
    launchy (2.1.0)
      addressable (~> 2.2.6)
    mime-types (1.18)
    netrc (0.7.2)
    rack (1.4.1)
    rack-protection (1.2.0)
      rack
    redis (3.0.1)
    rest-client (1.6.7)
      mime-types (>= 1.16)
    rubyzip (0.9.8)
    sinatra (1.3.2)
      rack (~> 1.3, >= 1.3.6)
      rack-protection (~> 1.2)
      tilt (~> 1.3, >= 1.3.3)
    thin (1.3.1)
      daemons (>= 1.0.9)
      eventmachine (>= 0.12.6)
      rack (>= 1.0.0)
    thor (0.15.2)
    thor_plus (0.4.0)
      thor (~> 0.14)
    tilt (1.3.3)

PLATFORMS
  ruby

DEPENDENCIES
  foreman (~> 0.46.0)
  heroku_plus
  redis (~> 3.0.1)
  sinatra (~> 1.3.2)
  thin
